PATH
  remote: .
  specs:
    rodauth (1.2.0)
      roda (>= 2.6.0)
      sequel (>= 4)

GEM
  remote: https://rubygems.org/
  specs:
    bcrypt (3.1.10)
    chunky_png (1.3.5)
    erubis (2.7.0)
    jwt (1.5.4)
    mail (2.6.3)
      mime-types (>= 1.16, < 3)
    mime-types (2.6.2)
    pg (0.18.4)
    puma (3.4.0)
    rack (1.6.2)
    rack_csrf (2.5.0)
      rack (>= 1.1.0)
    roda (2.15.0)
      rack
    rotp (2.1.1)
    rqrcode (0.10.1)
      chunky_png (~> 1.0)
    sequel (4.35.0)
    sequel_pg (1.6.17)
      pg (>= 0.8.0)
      sequel (>= 4.0.0)
    tilt (2.0.1)

PLATFORMS
  ruby

DEPENDENCIES
  bcrypt
  erubis
  jwt
  mail
  pg
  puma
  rack_csrf
  roda
  rodauth!
  rotp
  rqrcode
  sequel
  sequel_pg
  tilt

BUNDLED WITH
   1.10.6
